GEM
  remote: http://rubygems.org/
  specs:
    daemons (1.1.6)
    eventmachine (0.12.10)
    rack (1.4.1)
    rack-protection (1.2.0)
      rack
    redcarpet (1.17.2)
    sinatra (1.3.2)
      rack (~> 1.3, >= 1.3.6)
      rack-protection (~> 1.2)
      tilt (~> 1.3, >= 1.3.3)
    thin (1.2.11)
      daemons (>= 1.0.9)
      eventmachine (>= 0.12.6)
      rack (>= 1.0.0)
    tilt (1.3.3)
    tomparse (0.2.1)
    yard (0.7.5)
    yard-tomdoc (0.4.0)
      tomparse
      yard

PLATFORMS
  ruby

DEPENDENCIES
  redcarpet
  sinatra
  thin
  yard
  yard-tomdoc
